GEM
  remote: https://rubygems.org/
  specs:
    activemodel (4.2.7.1)
      activesupport (= 4.2.7.1)
      builder (~> 3.1)
    activesupport (4.2.7.1)
      i18n (~> 0.7)
      json (~> 1.7, >= 1.7.7)
      minitest (~> 5.1)
      thread_safe (~> 0.3, >= 0.3.4)
      tzinfo (~> 1.1)
    bson (4.2.1)
    builder (3.2.2)
    byebug (9.0.6)
    diff-lcs (1.2.5)
    factory_girl (4.8.0)
      activesupport (>= 3.0.0)
    i18n (0.7.0)
    json (1.8.3)
    minitest (5.10.1)
    mongo (2.4.1)
      bson (>= 4.2.1, < 5.0.0)
    mongoid (5.1.6)
      activemodel (~> 4.0)
      mongo (~> 2.1)
      origin (~> 2.2)
      tzinfo (>= 0.3.37)
    mongoid-geospatial (5.0.0)
      mongoid (>= 5.0.0.beta)
    origin (2.3.0)
    rack (1.6.5)
    rack-protection (1.5.3)
      rack
    rack-test (0.6.3)
      rack (>= 1.0)
    rake (12.0.0)
    rspec (3.5.0)
      rspec-core (~> 3.5.0)
      rspec-expectations (~> 3.5.0)
      rspec-mocks (~> 3.5.0)
    rspec-core (3.5.4)
      rspec-support (~> 3.5.0)
    rspec-expectations (3.5.0)
      diff-lcs (>= 1.2.0, < 2.0)
      rspec-support (~> 3.5.0)
    rspec-mocks (3.5.0)
      diff-lcs (>= 1.2.0, < 2.0)
      rspec-support (~> 3.5.0)
    rspec-support (3.5.0)
    sinatra (1.4.7)
      rack (~> 1.5)
      rack-protection (~> 1.4)
      tilt (>= 1.3, < 3)
    thread_safe (0.3.5)
    tilt (2.0.5)
    tzinfo (1.2.2)
      thread_safe (~> 0.1)

PLATFORMS
  ruby

DEPENDENCIES
  bundler
  byebug
  factory_girl
  mongoid (~> 5.1.0)
  mongoid-geospatial (~> 5.0.0)
  rack-test
  rake
  rspec
  sinatra

BUNDLED WITH
   1.13.7
